GEM
  remote: http://rubygems.org/
  specs:
    diff-lcs (1.1.3)
    facter (1.6.11)
    json (1.7.5)
    librarian-puppet (0.9.3)
      json
      puppet
      thor (~> 0.15)
    metaclass (0.0.1)
    mocha (0.12.3)
      metaclass (~> 0.0.1)
    multi_json (1.3.6)
    puppet (2.7.19)
      facter (~> 1.5)
    puppet-lint (0.2.0)
    puppetlabs_spec_helper (0.3.0)
      mocha (>= 0.10.5)
      rake
      rspec (>= 2.9.0)
      rspec-puppet (>= 0.1.1)
    rake (0.9.2.2)
    rspec (2.11.0)
      rspec-core (~> 2.11.0)
      rspec-expectations (~> 2.11.0)
      rspec-mocks (~> 2.11.0)
    rspec-core (2.11.1)
    rspec-expectations (2.11.2)
      diff-lcs (~> 1.1.3)
    rspec-mocks (2.11.2)
    rspec-puppet (0.1.4)
      rspec
    ruby-augeas (0.4.1)
    simplecov (0.6.4)
      multi_json (~> 1.0)
      simplecov-html (~> 0.5.3)
    simplecov-html (0.5.3)
    thor (0.16.0)

PLATFORMS
  ruby

DEPENDENCIES
  librarian-puppet
  puppet (>= 0.25)
  puppet-lint
  puppetlabs_spec_helper (>= 0.2.0)
  rake
  rspec-puppet
  ruby-augeas (>= 0.3.0)
  simplecov
